PATH
  remote: .
  specs:
    fenton (0.0.2)
      excon (= 0.27.6)
      gli (= 2.8.1)
      highline (= 1.6.20)
      json (= 1.8.1)
      rbnacl (= 2.0.0.pre)

GEM
  remote: http://rubygems.org/
  specs:
    excon (0.27.6)
    ffi (1.9.0)
    gli (2.8.1)
    highline (1.6.20)
    json (1.8.1)
    rbnacl (2.0.0.pre)
      ffi

PLATFORMS
  ruby

DEPENDENCIES
  fenton!
