PATH
  remote: .
  specs:
    fenton_shell (0.1.0)
      excon (~> 0.45.4)
      gli (~> 2.13.4)
      highline (~> 1.7.8)
      json (~> 1.8.3)
      sshkey (~> 1.8.0)

GEM
  remote: https://rubygems.org/
  specs:
    aruba (0.12.0)
      childprocess (~> 0.5.6)
      contracts (~> 0.9)
      cucumber (>= 1.3.19)
      event-bus (~> 0.2)
      ffi (~> 1.9.10)
      rspec-expectations (>= 2.99)
      thor (~> 0.19)
    ast (2.2.0)
    builder (3.2.2)
    bundler-audit (0.4.0)
      bundler (~> 1.2)
      thor (~> 0.18)
    childprocess (0.5.9)
      ffi (~> 1.0, >= 1.0.11)
    contracts (0.12.0)
    cucumber (2.3.2)
      builder (>= 2.1.2)
      cucumber-core (~> 1.4.0)
      cucumber-wire (~> 0.0.1)
      diff-lcs (>= 1.1.3)
      gherkin (~> 3.2.0)
      multi_json (>= 1.7.5, < 2.0)
      multi_test (>= 0.1.2)
    cucumber-core (1.4.0)
      gherkin (~> 3.2.0)
    cucumber-wire (0.0.1)
    diff-lcs (1.2.5)
    event-bus (0.2.3)
    excon (0.45.4)
    ffi (1.9.10)
    gherkin (3.2.0)
    gli (2.13.4)
    highline (1.7.8)
    json (1.8.3)
    minitest (5.8.4)
    multi_json (1.11.2)
    multi_test (0.1.2)
    parser (2.3.0.1)
      ast (~> 2.2)
    power_assert (0.2.7)
    powerpack (0.1.1)
    rainbow (2.0.0)
    rake (10.5.0)
    rspec-expectations (3.4.0)
      diff-lcs (>= 1.2.0, < 2.0)
      rspec-support (~> 3.4.0)
    rspec-support (3.4.1)
    rubocop (0.36.0)
      parser (>= 2.3.0.0, < 3.0)
      powerpack (~> 0.1)
      rainbow (>= 1.99.1, < 3.0)
      ruby-progressbar (~> 1.7)
    ruby-progressbar (1.7.5)
    sshkey (1.8.0)
    test-unit (3.1.7)
      power_assert
    thor (0.19.1)
    yard (0.8.7.6)

PLATFORMS
  ruby

DEPENDENCIES
  aruba
  bundler-audit
  fenton_shell!
  minitest
  rake
  rubocop
  test-unit
  yard

BUNDLED WITH
   1.10.6
