PATH
  remote: .
  specs:
    fenton (0.0.1)
      excon (= 0.27.6)
      gli (= 2.8.1)
      highline (= 1.6.20)
      json (= 1.8.1)

GEM
  remote: http://rubygems.org/
  specs:
    excon (0.27.6)
    gli (2.8.1)
    highline (1.6.20)
    json (1.8.1)

PLATFORMS
  ruby

DEPENDENCIES
  fenton!
